PATH
  remote: .
  specs:
    luhn_ruby (0.1.0)

GEM
  remote: https://rubygems.org/
  specs:
    minitest (5.20.0)
    rake (13.1.0)

PLATFORMS
  ruby
  x86_64-linux

DEPENDENCIES
  luhn_ruby!
  minitest (~> 5.16)
  rake (~> 13.0)

BUNDLED WITH
   2.5.3
